GIT
  remote: git://github.com/hanachin/jaro_winkler.git
  revision: ad548fab1249f9d6acab46630ca44e1b0e08a90c
  branch: long_string
  specs:
    jaro_winkler (1.3.6)

GEM
  remote: https://rubygems.org/
  specs:

PLATFORMS
  ruby

DEPENDENCIES
  jaro_winkler!

BUNDLED WITH
   1.10.6
